PATH
  remote: .
  specs:
    abe_client (1.0.0)
      graphql-client (>= 0.16.0)

GEM
  remote: https://rubygems.org/
  specs:
    activesupport (6.1.1)
      concurrent-ruby (~> 1.0, >= 1.0.2)
      i18n (>= 1.6, < 2)
      minitest (>= 5.1)
      tzinfo (~> 2.0)
      zeitwerk (~> 2.3)
    concurrent-ruby (1.1.8)
    graphql (1.12.3)
    graphql-client (0.16.0)
      activesupport (>= 3.0)
      graphql (~> 1.8)
    i18n (1.8.7)
      concurrent-ruby (~> 1.0)
    minitest (5.14.3)
    rake (12.3.0)
    tzinfo (2.0.4)
      concurrent-ruby (~> 1.0)
    zeitwerk (2.4.2)

PLATFORMS
  ruby

DEPENDENCIES
  abe_client!
  rake

BUNDLED WITH
   1.17.2
